NUGET
  remote: https://www.nuget.org/api/v2
    DotLiquid (2.0.24)
    FAKE (4.36)
    FSharp.Azure.StorageTypeProvider (1.6.1)
      WindowsAzure.Storage (>= 6.0)
    FSharp.Core (4.0.0.1)
    FSharp.Data (2.3.2)
      Zlib.Portable (>= 1.11) - framework: portable-net45+sl5+win8, portable-net45+win8, portable-net45+win8+wp8+wpa81
    Fuchu (1.0.3)
      FSharp.Core (>= 3.1.2.1)
    Microsoft.Azure.KeyVault.Core (1.0) - framework: >= net40, wpv8.0
    Microsoft.Data.Edm (5.7) - framework: >= net40, winv4.5, wpv8.0, wpav8.1
    Microsoft.Data.OData (5.7) - framework: >= net40, winv4.5, wpv8.0, wpav8.1
      Microsoft.Data.Edm (5.7)
      System.Spatial (5.7)
    Microsoft.Data.Services.Client (5.7) - framework: >= net40
      Microsoft.Data.OData (5.7)
    Newtonsoft.Json (9.0.1) - framework: >= net40, winv4.5, wpv8.0, wpav8.1
    SQLProvider (1.0.23)
    Suave (1.1.3)
      FSharp.Core (>= 3.1.2.5)
    Suave.DotLiquid (1.1.3)
      DotLiquid (>= 1.8)
      FSharp.Core (>= 3.1.2.5)
      Suave (>= 1.1.3)
    Suave.Testing (1.1.3)
      FSharp.Core (>= 3.1.2.5)
      Fuchu (>= 1.0.2)
      Suave (>= 1.1.3)
    System.Spatial (5.7) - framework: >= net40, winv4.5, wpv8.0, wpav8.1
    WindowsAzure.Storage (7.1.2)
      Microsoft.Azure.KeyVault.Core (>= 1.0) - framework: >= net40, wpv8.0
      Microsoft.Data.OData (>= 5.6.4) - framework: >= net40, winv4.5, wpv8.0, wpav8.1
      Microsoft.Data.Services.Client (>= 5.6.4) - framework: >= net40
      Newtonsoft.Json (>= 6.0.8) - framework: >= net40, winv4.5, wpv8.0, wpav8.1
    Zlib.Portable (1.11) - framework: portable-net45+sl5+win8, portable-net45+win8, portable-net45+win8+wp8+wpa81
